RESTRICTION: == net40
NUGET
  remote: https://www.nuget.org/api/v2
    Argu (4.2)
      FSharp.Core (>= 3.1.2)
    FAKE (4.64.3)
    FSharp.Compiler.Service (17.0.1)
    FSharp.Core (4.2.3)
    Microsoft.AspNet.Razor (3.2.3)
    Octokit (0.28)
    System.ValueTuple (4.4)
  remote: https://ci.appveyor.com/nuget/fsharp-formatting
    FSharp.Formatting (3.0.0-beta08)
      FSharp.Compiler.Service (>= 17.0.1 < 18.0)
      Microsoft.AspNet.Razor (>= 3.2.3 < 4.0)
      System.ValueTuple (>= 4.4 < 5.0)
GITHUB
  remote: fsharp/FAKE
    modules/Octokit/Octokit.fsx (642a01a5e17b870f816cdd7ee09115e018b786f0)
      Octokit (>= 0.20)